GEM
  remote: https://rubygems.org/
  specs:
    aasm (5.0.8)
      concurrent-ruby (~> 1.0)
    actioncable (6.1.7.8)
      actionpack (= 6.1.7.8)
      activesupport (= 6.1.7.8)
      nio4r (~> 2.0)
      websocket-driver (>= 0.6.1)
    actionmailbox (6.1.7.8)
      actionpack (= 6.1.7.8)
      activejob (= 6.1.7.8)
      activerecord (= 6.1.7.8)
      activestorage (= 6.1.7.8)
      activesupport (= 6.1.7.8)
      mail (>= 2.7.1)
    actionmailer (6.1.7.8)
      actionpack (= 6.1.7.8)
      actionview (= 6.1.7.8)
      activejob (= 6.1.7.8)
      activesupport (= 6.1.7.8)
      mail (~> 2.5, >= 2.5.4)
      rails-dom-testing (~> 2.0)
    actionpack (6.1.7.8)
      actionview (= 6.1.7.8)
      activesupport (= 6.1.7.8)
      rack (~> 2.0, >= 2.0.9)
      rack-test (>= 0.6.3)
      rails-dom-testing (~> 2.0)
      rails-html-sanitizer (~> 1.0, >= 1.2.0)
    actiontext (6.1.7.8)
      actionpack (= 6.1.7.8)
      activerecord (= 6.1.7.8)
      activestorage (= 6.1.7.8)
      activesupport (= 6.1.7.8)
      nokogiri (>= 1.8.5)
    actionview (6.1.7.8)
      activesupport (= 6.1.7.8)
      builder (~> 3.1)
      erubi (~> 1.4)
      rails-dom-testing (~> 2.0)
      rails-html-sanitizer (~> 1.1, >= 1.2.0)
    activejob (6.1.7.8)
      activesupport (= 6.1.7.8)
      globalid (>= 0.3.6)
    activemodel (6.1.7.8)
      activesupport (= 6.1.7.8)
    activerecord (6.1.7.8)
      activemodel (= 6.1.7.8)
      activesupport (= 6.1.7.8)
    activestorage (6.1.7.8)
      actionpack (= 6.1.7.8)
      activejob (= 6.1.7.8)
      activerecord (= 6.1.7.8)
      activesupport (= 6.1.7.8)
      marcel (~> 1.0)
      mini_mime (>= 1.1.0)
    activesupport (6.1.7.8)
      concurrent-ruby (~> 1.0, >= 1.0.2)
      i18n (>= 1.6, < 2)
      minitest (>= 5.1)
      tzinfo (~> 2.0)
      zeitwerk (~> 2.3)
    addressable (2.8.6)
      public_suffix (>= 2.0.2, < 6.0)
    amq-protocol (2.3.2)
    amqp (1.8.0)
      amq-protocol (>= 2.2.0)
      eventmachine
    annotate (3.1.1)
      activerecord (>= 3.2, < 7.0)
      rake (>= 10.4, < 14.0)
    arel_extensions (2.1.9)
      activerecord (>= 6.0)
    ast (2.4.2)
    aws-eventstream (1.3.0)
    aws-sigv4 (1.8.0)
      aws-eventstream (~> 1, >= 1.0.2)
    base58 (0.2.3)
    better-faraday (2.0.1)
      activesupport (>= 4.0, < 7.0)
      faraday (>= 1.0, < 3.0)
    bigdecimal (3.1.8)
    bootsnap (1.18.3)
      msgpack (~> 1.2)
    builder (3.3.0)
    bullet (7.1.6)
      activesupport (>= 3.0.0)
      uniform_notifier (~> 1.11)
    bump (0.10.0)
    bunny (2.14.4)
      amq-protocol (~> 2.3, >= 2.3.0)
    byebug (11.1.3)
    cancancan (3.1.0)
    cash-addr (0.2.0)
      base58 (~> 0.2.2)
    clamp (1.3.2)
    coderay (1.1.3)
    composite_primary_keys (13.0.8)
      activerecord (~> 6.1.0)
    concurrent-ruby (1.3.3)
    connection_pool (2.4.1)
    cookiejar (0.3.4)
    crack (1.0.0)
      bigdecimal
      rexml
    crass (1.0.6)
    daemons (1.4.1)
    database_cleaner (1.99.0)
    date (3.3.4)
    diff-lcs (1.5.1)
    digest-sha3 (1.1.0)
    dry-core (1.0.0)
      concurrent-ruby (~> 1.0)
      zeitwerk (~> 2.6)
    dry-inflector (1.1.0)
    dry-logic (1.5.0)
      concurrent-ruby (~> 1.0)
      dry-core (~> 1.0, < 2)
      zeitwerk (~> 2.6)
    dry-types (1.7.1)
      concurrent-ruby (~> 1.0)
      dry-core (~> 1.0)
      dry-inflector (~> 1.0)
      dry-logic (~> 1.4)
      zeitwerk (~> 2.6)
    em-http-request (1.1.7)
      addressable (>= 2.3.4)
      cookiejar (!= 0.3.1)
      em-socksify (>= 0.3)
      eventmachine (>= 1.0.3)
      http_parser.rb (>= 0.6.0)
    em-socksify (0.3.2)
      eventmachine (>= 1.0.0.beta.4)
    em-synchrony (1.0.6)
      eventmachine (>= 1.0.0.beta.1)
    em-websocket (0.5.3)
      eventmachine (>= 0.12.9)
      http_parser.rb (~> 0)
    email_validator (2.2.4)
      activemodel
    enumerize (2.8.1)
      activesupport (>= 3.2)
    env-tweaks (1.0.1)
      activesupport (>= 3.0, < 7.0)
    erubi (1.13.0)
    eventmachine (1.2.7)
    factory_bot (5.2.0)
      activesupport (>= 4.2.0)
    factory_bot_rails (5.2.0)
      factory_bot (~> 5.2.0)
      railties (>= 4.2.0)
    faker (1.9.6)
      i18n (>= 0.7)
    faraday (1.10.3)
      faraday-em_http (~> 1.0)
      faraday-em_synchrony (~> 1.0)
      faraday-excon (~> 1.1)
      faraday-httpclient (~> 1.0)
      faraday-multipart (~> 1.0)
      faraday-net_http (~> 1.0)
      faraday-net_http_persistent (~> 1.0)
      faraday-patron (~> 1.0)
      faraday-rack (~> 1.0)
      faraday-retry (~> 1.0)
      ruby2_keywords (>= 0.0.4)
    faraday-em_http (1.0.0)
    faraday-em_synchrony (1.0.0)
    faraday-excon (1.1.0)
    faraday-httpclient (1.0.1)
    faraday-multipart (1.0.4)
      multipart-post (~> 2)
    faraday-net_http (1.0.1)
    faraday-net_http_persistent (1.2.0)
    faraday-patron (1.0.0)
    faraday-rack (1.0.0)
    faraday-retry (1.0.3)
    faraday_middleware (1.2.0)
      faraday (~> 1.0)
    faye (1.4.0)
      cookiejar (>= 0.3.0)
      em-http-request (>= 1.1.6)
      eventmachine (>= 0.12.0)
      faye-websocket (>= 0.11.0)
      multi_json (>= 1.0.0)
      rack (>= 1.0.0)
      websocket-driver (>= 0.5.1)
    faye-websocket (0.11.3)
      eventmachine (>= 0.12.0)
      websocket-driver (>= 0.5.1)
    ffi (1.14.2)
    figaro (1.2.0)
      thor (>= 0.14.0, < 2)
    globalid (1.2.1)
      activesupport (>= 6.1)
    god (0.13.7)
    grape (1.3.3)
      activesupport
      builder
      dry-types (>= 1.1)
      mustermann-grape (~> 1.0.0)
      rack (>= 1.3.0)
      rack-accept
    grape-entity (0.7.1)
      activesupport (>= 4.0)
      multi_json (>= 1.3.2)
    grape-swagger (0.30.1)
      grape (>= 0.16.2)
    grape-swagger-entity (0.2.5)
      grape-entity (>= 0.5.0)
      grape-swagger (>= 0.20.4)
    grape-swagger-ui (2.2.8)
      railties (>= 3.1)
    grape_logging (1.8.4)
      grape
      rack
    grape_on_rails_routes (0.3.2)
      rails (>= 3.1.1)
    hashdiff (1.1.0)
    hashie (3.6.0)
    hiredis (0.6.3)
    http_parser.rb (0.8.0)
    i18n (1.14.5)
      concurrent-ruby (~> 1.0)
    influxdb (0.7.0)
    irix3 (3.2.1.1)
      em-synchrony (~> 1.0)
      em-websocket
      eventmachine
      faraday_middleware (~> 1.2)
      faye (~> 1.2)
      peatio (~> 3.1)
    jwt (2.2.3)
    jwt-multisig (1.0.6)
      activesupport (>= 4.0)
      jwt (~> 2.2)
    jwt-rack (0.1.1)
      jwt (~> 2.2)
      rack
    kaminari (1.2.2)
      activesupport (>= 4.1.0)
      kaminari-actionview (= 1.2.2)
      kaminari-activerecord (= 1.2.2)
      kaminari-core (= 1.2.2)
    kaminari-actionview (1.2.2)
      actionview
      kaminari-core (= 1.2.2)
    kaminari-activerecord (1.2.2)
      activerecord
      kaminari-core (= 1.2.2)
    kaminari-core (1.2.2)
    listen (3.1.5)
      rb-fsevent (~> 0.9, >= 0.9.4)
      rb-inotify (~> 0.9, >= 0.9.7)
      ruby_dep (~> 1.2)
    loofah (2.22.0)
      crass (~> 1.0.2)
      nokogiri (>= 1.12.0)
    mail (2.8.1)
      mini_mime (>= 0.1.1)
      net-imap
      net-pop
      net-smtp
    marcel (1.0.4)
    memoist (0.16.2)
    method-not-implemented (1.0.1)
    method_source (1.1.0)
    mini_mime (1.1.5)
    mini_portile2 (2.8.7)
    minitest (5.24.1)
    mocha (1.16.1)
    msgpack (1.7.2)
    multi_json (1.15.0)
    multipart-post (2.4.1)
    mustermann (3.0.0)
      ruby2_keywords (~> 0.0.1)
    mustermann-grape (1.0.2)
      mustermann (>= 1.0.0)
    mysql2 (0.5.6)
    net-http-persistent (4.0.2)
      connection_pool (~> 2.2)
    net-imap (0.4.13)
      date
      net-protocol
    net-pop (0.1.2)
      net-protocol
    net-protocol (0.2.2)
      timeout
    net-smtp (0.5.0)
      net-protocol
    nio4r (2.7.3)
    nokogiri (1.15.6)
      mini_portile2 (~> 2.8.2)
      racc (~> 1.4)
    parallel (1.25.1)
    parser (3.3.3.0)
      ast (~> 2.4.1)
      racc
    peatio (3.1.1)
      activemodel (> 5.2)
      amqp
      bunny
      clamp
      em-synchrony (~> 1.0)
      em-websocket
      eventmachine
      faraday (~> 1.10)
      faye (~> 1.2)
      jwt
      mysql2
      prometheus-client
      thin
    peatio-bitcoincash (3.1.0)
      activesupport (~> 6.1.0)
      better-faraday (~> 2.0.1)
      cash-addr (~> 0.2.0)
      faraday (~> 1.10)
      memoist (~> 0.16.0)
      net-http-persistent (~> 4.0.1)
      peatio (>= 3.1.1)
    peatio-bitgo (3.1.0)
      activesupport (~> 6.1.0)
      better-faraday (~> 2.0.1)
      faraday (~> 1.10)
      memoist (~> 0.16.0)
      net-http-persistent (~> 4.0.1)
      peatio (>= 3.1.1)
    peatio-dash (3.1.0)
      activesupport (~> 6.1.0)
      better-faraday (~> 2.0.1)
      faraday (~> 1.10)
      memoist (~> 0.16.0)
      net-http-persistent (~> 4.0.1)
      peatio (>= 3.1.1)
    peatio-electrum (3.1.0)
      activesupport (~> 6.1.0)
      faraday (~> 1.10)
      net-http-persistent (~> 4.0.1)
      peatio (>= 3.1.1)
    peatio-litecoin (3.1.0)
      activesupport (~> 6.1.0)
      better-faraday (~> 2.0.1)
      faraday (~> 1.10)
      memoist (~> 0.16.0)
      net-http-persistent (~> 4.0.1)
      peatio (>= 3.1.1)
    peatio-ripple (3.1.0)
      activesupport (~> 6.1.0)
      better-faraday (~> 2.0.1)
      faraday (~> 1.10)
      memoist (~> 0.16.0)
      net-http-persistent (~> 4.0.1)
      peatio (>= 3.1.1)
    pg (1.5.6)
    prometheus-client (4.2.2)
    pry (0.14.2)
      coderay (~> 1.1)
      method_source (~> 1.0)
    pry-byebug (3.10.1)
      byebug (~> 11.0)
      pry (>= 0.13, < 0.15)
    public_suffix (5.1.1)
    puma (5.6.8)
      nio4r (~> 2.0)
    racc (1.8.0)
    rack (2.2.9)
    rack-accept (0.4.5)
      rack (>= 0.4)
    rack-attack (5.4.2)
      rack (>= 1.0, < 3)
    rack-cors (1.0.6)
      rack (>= 1.6.0)
    rack-test (2.1.0)
      rack (>= 1.3)
    rails (6.1.7.8)
      actioncable (= 6.1.7.8)
      actionmailbox (= 6.1.7.8)
      actionmailer (= 6.1.7.8)
      actionpack (= 6.1.7.8)
      actiontext (= 6.1.7.8)
      actionview (= 6.1.7.8)
      activejob (= 6.1.7.8)
      activemodel (= 6.1.7.8)
      activerecord (= 6.1.7.8)
      activestorage (= 6.1.7.8)
      activesupport (= 6.1.7.8)
      bundler (>= 1.15.0)
      railties (= 6.1.7.8)
      sprockets-rails (>= 2.0.0)
    rails-dom-testing (2.2.0)
      activesupport (>= 5.0.0)
      minitest
      nokogiri (>= 1.6)
    rails-html-sanitizer (1.6.0)
      loofah (~> 2.21)
      nokogiri (~> 1.14)
    railties (6.1.7.8)
      actionpack (= 6.1.7.8)
      activesupport (= 6.1.7.8)
      method_source
      rake (>= 12.2)
      thor (~> 1.0)
    rainbow (3.1.1)
    rake (13.2.1)
    ransack (2.5.0)
      activerecord (>= 5.2.4)
      activesupport (>= 5.2.4)
      i18n
    rb-fsevent (0.11.2)
    rb-inotify (0.10.1)
      ffi (~> 1.0)
    rbtree (0.4.6)
    redis (4.1.4)
    regexp_parser (2.9.2)
    rexml (3.3.0)
      strscan
    rspec-core (3.9.3)
      rspec-support (~> 3.9.3)
    rspec-expectations (3.9.4)
      diff-lcs (>= 1.2.0, < 2.0)
      rspec-support (~> 3.9.0)
    rspec-mocks (3.9.1)
      diff-lcs (>= 1.2.0, < 2.0)
      rspec-support (~> 3.9.0)
    rspec-rails (3.9.1)
      actionpack (>= 3.0)
      activesupport (>= 3.0)
      railties (>= 3.0)
      rspec-core (~> 3.9.0)
      rspec-expectations (~> 3.9.0)
      rspec-mocks (~> 3.9.0)
      rspec-support (~> 3.9.0)
    rspec-retry (0.6.2)
      rspec-core (> 3.3)
    rspec-support (3.9.4)
    rubocop (0.93.1)
      parallel (~> 1.10)
      parser (>= 2.7.1.5)
      rainbow (>= 2.2.2, < 4.0)
      regexp_parser (>= 1.8)
      rexml
      rubocop-ast (>= 0.6.0)
      ruby-progressbar (~> 1.7)
      unicode-display_width (>= 1.4.0, < 2.0)
    rubocop-ast (1.31.3)
      parser (>= 3.3.1.0)
    rubocop-rspec (1.44.1)
      rubocop (~> 0.87)
      rubocop-ast (>= 0.7.1)
    ruby-prof (0.17.0)
    ruby-progressbar (1.13.0)
    ruby2_keywords (0.0.5)
    ruby_dep (1.5.0)
    safe_yaml (1.0.5)
    scout_apm (2.6.10)
      parser
    sentry-raven (3.1.2)
      faraday (>= 1.0)
    sprockets (4.2.1)
      concurrent-ruby (~> 1.0)
      rack (>= 2.2.4, < 4)
    sprockets-rails (3.5.1)
      actionpack (>= 6.1)
      activesupport (>= 6.1)
      sprockets (>= 3.0.0)
    strscan (3.1.0)
    thin (1.8.2)
      daemons (~> 1.0, >= 1.0.9)
      eventmachine (~> 1.0, >= 1.0.4)
      rack (>= 1, < 3)
    thor (1.3.1)
    timecop (0.9.10)
    timeout (0.4.1)
    tzinfo (2.0.6)
      concurrent-ruby (~> 1.0)
    unicode-display_width (1.8.0)
    uniform_notifier (1.16.0)
    validate_url (1.0.15)
      activemodel (>= 3.0.0)
      public_suffix
    validates_lengths_from_database (0.7.0)
      activerecord (>= 3)
    vault (0.18.2)
      aws-sigv4
    webmock (3.23.1)
      addressable (>= 2.8.0)
      crack (>= 0.3.2)
      hashdiff (>= 0.4.0, < 2.0.0)
    websocket-driver (0.7.6)
      websocket-extensions (>= 0.1.0)
    websocket-extensions (0.1.5)
    zeitwerk (2.6.16)

PLATFORMS
  ruby

DEPENDENCIES
  aasm (~> 5.0.8)
  annotate (~> 3.1.0)
  arel_extensions (~> 2.1)
  better-faraday (~> 2.0, >= 2.0.1)
  bootsnap (>= 1.1.0)
  bullet
  bump (~> 0.7)
  bunny (~> 2.14.4)
  cancancan (~> 3.1.0)
  cash-addr (~> 0.2.0)
  composite_primary_keys (~> 13.0.8)
  database_cleaner (~> 1.7)
  digest-sha3 (~> 1.1.0)
  em-synchrony (~> 1.0)
  email_validator (~> 2.2.4)
  enumerize (~> 2.8.1)
  env-tweaks (~> 1.0.0)
  eventmachine (~> 1.2)
  factory_bot_rails (~> 5.0, >= 5.0.2)
  faker (~> 1.8)
  faraday (~> 1.10)
  faraday_middleware (~> 1.2)
  faye (~> 1.4)
  ffi (~> 1.14.1)
  figaro (~> 1.2.0)
  god (~> 0.13.7)
  grape (~> 1.3.1)
  grape-entity (~> 0.7.1)
  grape-swagger (~> 0.30.1)
  grape-swagger-entity (~> 0.2.5)
  grape-swagger-ui (~> 2.2.8)
  grape_logging (~> 1.8.0)
  grape_on_rails_routes
  hashie (~> 3.6.0)
  hiredis (~> 0.6.0)
  influxdb (~> 0.7.0)
  irix3 (~> 3.2.1.1)
  jwt (~> 2.2.0)
  jwt-multisig (~> 1.0.0)
  jwt-rack (~> 0.1.0)
  kaminari (~> 1.2.1)
  listen (~> 3.1.5)
  memoist (~> 0.16.0)
  method-not-implemented (~> 1.0.1)
  mocha (~> 1.8)
  mysql2 (~> 0.5.6)
  net-http-persistent (~> 4.0.1)
  peatio (~> 3.1, >= 3.1.1)
  peatio-bitcoincash (~> 3.1)
  peatio-bitgo (~> 3.1)
  peatio-dash (~> 3.1)
  peatio-electrum (~> 3.1)
  peatio-litecoin (~> 3.1)
  peatio-ripple (~> 3.1)
  pg (~> 1.2)
  pry-byebug (~> 3.7)
  puma (>= 5.6.8)
  rack-attack (~> 5.4.2)
  rack-cors (~> 1.0.6)
  rails (~> 6.1.0)
  ransack (~> 2.5.0)
  rb-inotify (~> 0.10.0)
  rbtree (~> 0.4.2)
  redis (~> 4.1.2)
  rspec-rails (~> 3.8, >= 3.8.2)
  rspec-retry (~> 0.6)
  rubocop-rspec (~> 1.32)
  ruby-prof (~> 0.17.0)
  safe_yaml (~> 1.0.5)
  scout_apm (~> 2.4)
  sentry-raven (~> 3.1)
  timecop (~> 0.9)
  validate_url (~> 1.0.4)
  validates_lengths_from_database (~> 0.7.0)
  vault (~> 0.12)
  webmock (~> 3.5)

RUBY VERSION
   ruby 2.7.8p225

BUNDLED WITH
   2.1.4
